GEM
  remote: https://rubygems.org/
  specs:
    ast (2.4.2)
    backports (3.24.1)
    erubis (2.7.0)
    json (2.6.3)
    language_server-protocol (3.17.0.3)
    multi_json (1.15.0)
    nio4r (2.5.9)
    parallel (1.23.0)
    parser (3.2.2.1)
      ast (~> 2.4.1)
    puma (6.2.2)
      nio4r (~> 2.0)
    rack (1.6.13)
    rack-protection (1.5.5)
      rack
    rack-test (2.1.0)
      rack (>= 1.3)
    rainbow (3.1.1)
    regexp_parser (2.8.0)
    rexml (3.2.5)
    rubocop (1.48.1)
      json (~> 2.3)
      parallel (~> 1.10)
      parser (>= 3.2.0.0)
      rainbow (>= 2.2.2, < 4.0)
      regexp_parser (>= 1.8, < 3.0)
      rexml (>= 3.2.5, < 4.0)
      rubocop-ast (>= 1.26.0, < 2.0)
      ruby-progressbar (~> 1.7)
      unicode-display_width (>= 2.4.0, < 3.0)
    rubocop-ast (1.28.1)
      parser (>= 3.2.1.0)
    rubocop-performance (1.16.0)
      rubocop (>= 1.7.0, < 2.0)
      rubocop-ast (>= 0.4.0)
    ruby-progressbar (1.13.0)
    sinatra (1.4.8)
      rack (~> 1.5)
      rack-protection (~> 1.4)
      tilt (>= 1.3, < 3)
    sinatra-contrib (1.4.7)
      backports (>= 2.0)
      multi_json
      rack-protection
      rack-test
      sinatra (~> 1.4.0)
      tilt (>= 1.3, < 3)
    standard (1.26.0)
      language_server-protocol (~> 3.17.0.2)
      rubocop (~> 1.48.1)
      rubocop-performance (~> 1.16.0)
    tilt (2.1.0)
    unicode-display_width (2.4.2)

PLATFORMS
  arm64-darwin-21
  ruby
  x86_64-linux

DEPENDENCIES
  erubis
  puma
  rubocop (~> 1.48.1)
  rubocop-performance
  sinatra (~> 1.4.7)
  sinatra-contrib
  standard (>= 1.0)

RUBY VERSION
   ruby 3.2.2p53

BUNDLED WITH
   2.4.13
